GEM
  remote: https://rubygems.org/
  specs:
    activemodel (4.2.5.1)
      activesupport (= 4.2.5.1)
      builder (~> 3.1)
    activerecord (4.2.5.1)
      activemodel (= 4.2.5.1)
      activesupport (= 4.2.5.1)
      arel (~> 6.0)
    activesupport (4.2.5.1)
      i18n (~> 0.7)
      json (~> 1.7, >= 1.7.7)
      minitest (~> 5.1)
      thread_safe (~> 0.3, >= 0.3.4)
      tzinfo (~> 1.1)
    ansi (1.5.0)
    arel (6.0.3)
    ast (2.2.0)
    bcrypt (3.1.10)
    builder (3.2.2)
    httparty (0.13.7)
      json (~> 1.8)
      multi_xml (>= 0.5.2)
    i18n (0.7.0)
    json (1.8.3)
    minitest (5.8.4)
    minitest-reporters (1.1.7)
      ansi
      builder
      minitest (>= 5.0)
      ruby-progressbar
    multi_xml (0.5.5)
    parser (2.3.0.2)
      ast (~> 2.2)
    powerpack (0.1.1)
    puma (2.16.0)
    rack (1.6.4)
    rack-protection (1.5.3)
      rack
    rack-test (0.6.3)
      rack (>= 1.0)
    rainbow (2.1.0)
    rubocop (0.36.0)
      parser (>= 2.3.0.0, < 3.0)
      powerpack (~> 0.1)
      rainbow (>= 1.99.1, < 3.0)
      ruby-progressbar (~> 1.7)
    ruby-progressbar (1.7.5)
    sinatra (1.4.7)
      rack (~> 1.5)
      rack-protection (~> 1.4)
      tilt (>= 1.3, < 3)
    sinatra-session (1.0.0)
      sinatra (>= 1.0)
    sqlite3 (1.3.11)
    themoviedb (1.0.1)
      httparty
    thread_safe (0.3.5)
    tilt (2.0.2)
    tzinfo (1.2.2)
      thread_safe (~> 0.1)

PLATFORMS
  ruby

DEPENDENCIES
  activerecord
  bcrypt
  minitest
  minitest-reporters
  puma
  rack-protection
  rack-test
  rubocop
  sinatra
  sinatra-session
  sqlite3
  themoviedb

BUNDLED WITH
   1.10.6
